GIT
  remote: git://github.com/kristianmandrup/rails3_artifactor.git
  revision: 8f96e0127e611880542d2fa93a4a3126a7d698df
  specs:
    rails3_artifactor (0.2.8)
      migration_assist (~> 0.1.4)
      rails3_assist (~> 0.2.10)
      require_all (~> 1.2.0)
      rspec (>= 2.0.0.rc)
      sugar-high (~> 0.2.10)

GIT
  remote: git://github.com/yoda/cancan-permits.git
  revision: 06b0427ac76b4851fc25b35c9cbc662cf973316e
  specs:
    cancan-permits (0.1.4)
      cancan (~> 1.3.2)
      require_all (~> 1.2.0)
      sugar-high (~> 0.2.10)

GIT
  remote: git://github.com/yoda/cream.git
  revision: f67be4c632b1bb79c2b92eb8d60dd329ea7dd9e7
  specs:
    cream (0.6.4)
      cancan (~> 1.3.4)
      cancan-permits (~> 0.1.3)
      cancan-rest-links (~> 0.1.3)
      devise (>= 1.1.2)
      devise-links (~> 0.1.4)
      logging_assist (~> 0.1.3)
      r3_plugin_toolbox (~> 0.3.6)
      rails (~> 3.0.0)
      rails3_artifactor (~> 0.2.5)
      require_all (~> 1.2.0)
      sugar-high (~> 0.2.10)

GIT
  remote: git://github.com/yoda/roles_generic.git
  revision: 53efa06478e0366575fc48bc8ca282b0142b1dba
  specs:
    roles_generic (0.2.7)
      activesupport (~> 3.0.0)
      rails3_artifactor (~> 0.2.5)
      require_all (~> 1.2.0)
      sugar-high (~> 0.2.10)

GIT
  remote: git://github.com/yoda/roles_mongoid.git
  revision: 8420107e5b3e387e22101d7d81abce02a371af08
  specs:
    roles_mongoid (0.2.4)
      activesupport (~> 3.0.0)
      bson (~> 1.0.7)
      mongoid (~> 2.0.0.beta.18)
      require_all (~> 1.2.0)
      roles_generic (~> 0.2.7)
      sugar-high (~> 0.2.11)

GEM
  remote: http://rubygems.org/
  specs:
    abstract (1.0.0)
    actionmailer (3.0.0)
      actionpack (= 3.0.0)
      mail (~> 2.2.5)
    actionpack (3.0.0)
      activemodel (= 3.0.0)
      activesupport (= 3.0.0)
      builder (~> 2.1.2)
      erubis (~> 2.6.6)
      i18n (~> 0.4.1)
      rack (~> 1.2.1)
      rack-mount (~> 0.6.12)
      rack-test (~> 0.5.4)
      tzinfo (~> 0.3.23)
    activemodel (3.0.0)
      activesupport (= 3.0.0)
      builder (~> 2.1.2)
      i18n (~> 0.4.1)
    activerecord (3.0.0)
      activemodel (= 3.0.0)
      activesupport (= 3.0.0)
      arel (~> 1.0.0)
      tzinfo (~> 0.3.23)
    activeresource (3.0.0)
      activemodel (= 3.0.0)
      activesupport (= 3.0.0)
    activesupport (3.0.0)
    arel (1.0.1)
      activesupport (~> 3.0.0)
    bcrypt-ruby (2.1.2)
    bson (1.0.9)
    builder (2.1.2)
    cancan (1.3.4)
    cancan-rest-links (0.1.3)
      cancan (~> 1.3.4)
      r3_plugin_toolbox (~> 0.3.6)
      require_all (~> 1.2.0)
      sugar-high (~> 0.2.10)
    devise (1.1.3)
      bcrypt-ruby (~> 2.1.2)
      warden (~> 0.10.7)
    devise-links (0.1.5)
      devise (>= 1.1.2)
      r3_plugin_toolbox (~> 0.3.6)
      require_all (~> 1.2.0)
      sugar-high (~> 0.2.10)
    diff-lcs (1.1.2)
    erubis (2.6.6)
      abstract (>= 1.0.0)
    i18n (0.4.1)
    log4r (1.1.8)
    logging_assist (0.1.5)
      log4r (~> 1.1.8)
      require_all (~> 1.2.0)
      sugar-high (~> 0.2.10)
    mail (2.2.7)
      activesupport (>= 2.3.6)
      mime-types
      treetop (>= 1.4.5)
    migration_assist (0.1.6)
      rails (~> 3.0.0)
      require_all (~> 1.2.0)
    mime-types (1.16)
    mocha (0.9.8)
      rake
    mongo (1.0.9)
      bson (>= 1.0.5)
    mongoid (2.0.0.beta.19)
      activemodel (~> 3.0)
      mongo (= 1.0.9)
      tzinfo (~> 0.3.22)
      will_paginate (~> 3.0.pre)
    polyglot (0.3.1)
    r3_plugin_toolbox (0.3.14)
      rails (~> 3.0.0)
      require_all (~> 1.2.0)
      sugar-high (~> 0.2.11)
    rack (1.2.1)
    rack-mount (0.6.13)
      rack (>= 1.0.0)
    rack-test (0.5.6)
      rack (>= 1.0)
    rails (3.0.0)
      actionmailer (= 3.0.0)
      actionpack (= 3.0.0)
      activerecord (= 3.0.0)
      activeresource (= 3.0.0)
      activesupport (= 3.0.0)
      bundler (~> 1.0.0)
      railties (= 3.0.0)
    rails3_assist (0.2.12)
      activesupport (~> 3.0.0)
      migration_assist (~> 0.1.4)
      require_all (~> 1.2.0)
      sugar-high (~> 0.2.10)
      thor (~> 0.14.0)
    railties (3.0.0)
      actionpack (= 3.0.0)
      activesupport (= 3.0.0)
      rake (>= 0.8.4)
      thor (~> 0.14.0)
    rake (0.8.7)
    require_all (1.2.0)
    rspec (2.0.0)
      rspec-core (= 2.0.0)
      rspec-expectations (= 2.0.0)
      rspec-mocks (= 2.0.0)
    rspec-core (2.0.0)
    rspec-expectations (2.0.0)
      diff-lcs (>= 1.1.2)
    rspec-mocks (2.0.0)
      rspec-core (= 2.0.0)
      rspec-expectations (= 2.0.0)
    sugar-high (0.2.12)
      mocha (~> 0.9.8)
      require_all (~> 1.2.0)
    thor (0.14.3)
    treetop (1.4.8)
      polyglot (>= 0.3.1)
    tzinfo (0.3.23)
    warden (0.10.7)
      rack (>= 1.0.0)
    will_paginate (3.0.pre2)

PLATFORMS
  ruby

DEPENDENCIES
  cancan
  cancan-permits!
  cancan-rest-links
  cream!
  devise
  devise-links
  log4r
  logging_assist
  mongoid
  r3_plugin_toolbox
  rails (= 3.0.0)
  rails3_artifactor!
  rails3_assist
  roles_generic!
  roles_mongoid!
  sugar-high
